GEM
  remote: https://rubygems.org/
  specs:
    fustigit (0.1.4)
    git (1.3.0)
    lock_manager (0.1.5)
      redis (>= 3.2, < 4.0)
    redis (3.3.5)
    vanagon (0.14.3)
      fustigit (~> 0.1.3)
      git (~> 1.3.0)
      lock_manager

PLATFORMS
  ruby

DEPENDENCIES
  vanagon

BUNDLED WITH
   1.16.0
